GEM
  remote: https://rubygems.org/
  specs:
    coderay (1.1.0)
    method_source (0.8.2)
    minitest (5.8.4)
    minitest-power_assert (0.2.0)
      minitest
      power_assert
    power_assert (0.2.7)
    pry (0.10.3)
      coderay (~> 1.1.0)
      method_source (~> 0.8.1)
      slop (~> 3.4)
    rake (10.5.0)
    rmagick (2.15.4)
    slop (3.6.0)

PLATFORMS
  ruby

DEPENDENCIES
  minitest-power_assert
  pry
  rake
  rmagick

BUNDLED WITH
   1.11.2
